NUGET
  remote: https://www.nuget.org/api/v2
    Base32 (1.1.0.2)
    DotLiquid (2.0.63)
    FSharp.Core (4.0.0.1)
    OtpSharp (1.3.0.4)
      Base32 (>= 1.0.0.26)
    Suave (1.1.3)
      FSharp.Core (>= 3.1.2.5)
    Suave.DotLiquid (1.1.3)
      DotLiquid (>= 1.8)
      FSharp.Core (>= 3.1.2.5)
      Suave (>= 1.1.3)
