NUGET
  remote: https://www.nuget.org/api/v2
  specs:
    Chessie (0.4.0)
      FSharp.Core
    Fleece.FSharpData (0.4.0)
      FSharp.Data (>= 2.0.14)
      FSharpPlus (>= 0.0.4)
      ReadOnlyCollectionExtensions (>= 1.2.0)
      ReadOnlyCollectionInterfaces (1.0.0)
    FsControl (1.0.13)
    FSharp.Core (4.0.0.1)
    FSharp.Data (2.2.5)
      Zlib.Portable (>= 1.10.0) - framework: portable-net40+sl50+wp80+win80
    FSharpPlus (0.0.4)
      FsControl (>= 1.0.9)
    LinqBridge (1.3.0) - framework: net20
    NEventStore (5.2.0)
    ReadOnlyCollectionExtensions (1.3.0)
      LinqBridge (>= 1.3.0) - framework: net20
      ReadOnlyCollectionInterfaces (1.0.0) - framework: net20, >= net35
    ReadOnlyCollectionInterfaces (1.0.0)
    Suave (1.1.1)
      FSharp.Core (>= 3.1.2.5)
    Zlib.Portable (1.11.0) - framework: portable-net40+sl50+wp80+win80
